PATH
  remote: waiter
  specs:
    travis-web (0.0.1)

GEM
  remote: http://rubygems.org/
  specs:
    backports (3.6.3)
    diff-lcs (1.2.5)
    dotenv (0.11.1)
      dotenv-deployment (~> 0.0.2)
    dotenv-deployment (0.0.2)
    foreman (0.75.0)
      dotenv (~> 0.11.1)
      thor (~> 0.19.1)
    hashr (0.0.22)
    multi_json (1.10.1)
    nio4r (2.5.2)
    puma (4.3.11)
      nio4r (~> 2.0)
    rack (1.6.13)
    rack-mobile-detect (0.4.0)
      rack
    rack-protection (1.5.3)
      rack
    rack-ssl (1.4.1)
      rack
    rack-test (0.6.2)
      rack (>= 1.0)
    rake (10.1.1)
    redis (3.2.2)
    rspec (2.99.0)
      rspec-core (~> 2.99.0)
      rspec-expectations (~> 2.99.0)
      rspec-mocks (~> 2.99.0)
    rspec-core (2.99.2)
    rspec-expectations (2.99.2)
      diff-lcs (>= 1.1.3, < 2.0)
    rspec-mocks (2.99.2)
    sinatra (1.4.5)
      rack (~> 1.4)
      rack-protection (~> 1.4)
      tilt (~> 1.3, >= 1.3.4)
    sinatra-contrib (1.4.2)
      backports (>= 2.0)
      multi_json
      rack-protection
      rack-test
      sinatra (~> 1.4.0)
      tilt (~> 1.3)
    thor (0.19.1)
    tilt (1.4.1)

PLATFORMS
  ruby

DEPENDENCIES
  foreman
  hashr
  puma
  rack-mobile-detect
  rack-protection (~> 1.3)
  rack-ssl (~> 1.3)
  rake
  redis
  rspec (~> 2.11)
  sinatra
  sinatra-contrib
  travis-web!

RUBY VERSION
   ruby 2.3.4p301

BUNDLED WITH
   1.15.2
